GIT
  remote: git://github.com/stevegraham/twilio-rb.git
  revision: 11960bfa4cf0f7d2cfaee35ee3a0708e93993146
  specs:
    twilio-rb (2.3.0)
      activesupport (>= 3.0.0)
      builder (>= 3.0.0)
      crack (~> 0.3.2)
      httparty (>= 0.10.0)
      i18n (~> 0.5)
      jwt (>= 0.1.3)

PATH
  remote: /Users/benbalter/projects/change_agent
  specs:
    change_agent (0.2.2)
      dotenv (~> 1.0)
      rugged (~> 0.21)

GEM
  remote: https://rubygems.org/
  specs:
    activesupport (4.1.8)
      i18n (~> 0.6, >= 0.6.9)
      json (~> 1.7, >= 1.7.7)
      minitest (~> 5.1)
      thread_safe (~> 0.1)
      tzinfo (~> 1.1)
    addressable (2.3.6)
    bini (0.6.0)
      sys-proctable
    buftok (0.2.0)
    builder (3.2.2)
    clockwork (1.1.0)
      activesupport
      tzinfo
    coderay (1.1.0)
    crack (0.3.2)
    dotenv (1.0.2)
    equalizer (0.0.9)
    ethon (0.7.1)
      ffi (>= 1.3.0)
    faraday (0.9.0)
      multipart-post (>= 1.2, < 3)
    ffi (1.9.6)
    http (0.6.3)
      http_parser.rb (~> 0.6.0)
    http_parser.rb (0.6.0)
    httparty (0.13.3)
      json (~> 1.8)
      multi_xml (>= 0.5.2)
    i18n (0.6.11)
    json (1.8.1)
    jwt (1.2.0)
    mail (2.6.3)
      mime-types (>= 1.16, < 3)
    memoizable (0.4.2)
      thread_safe (~> 0.3, >= 0.3.1)
    method_source (0.8.2)
    mime-types (2.4.3)
    mini_portile (0.6.1)
    minitest (5.4.3)
    multi_xml (0.5.5)
    multipart-post (2.0.0)
    naught (1.0.0)
    nokogiri (1.6.5)
      mini_portile (~> 0.6.0)
    pony (1.11)
      mail (>= 2.0)
    pry (0.10.1)
      coderay (~> 1.1.0)
      method_source (~> 0.8.1)
      slop (~> 3.4)
    pushover (0.99.2)
      bini (~> 0.6.0)
      yajl-ruby
    rugged (0.21.2)
    simple_oauth (0.3.0)
    slop (3.6.0)
    sys-proctable (0.9.4)
    thread_safe (0.3.4)
    twitter (5.13.0)
      addressable (~> 2.3)
      buftok (~> 0.2.0)
      equalizer (~> 0.0.9)
      faraday (~> 0.9.0)
      http (~> 0.6.0)
      http_parser.rb (~> 0.6.0)
      json (~> 1.8)
      memoizable (~> 0.4.0)
      naught (~> 1.0)
      simple_oauth (~> 0.3.0)
    typhoeus (0.6.9)
      ethon (>= 0.7.1)
    tzinfo (1.2.2)
      thread_safe (~> 0.1)
    yajl-ruby (1.2.1)

PLATFORMS
  ruby

DEPENDENCIES
  change_agent (~> 0.2)!
  clockwork
  nokogiri
  pony
  pry
  pushover
  rugged
  twilio-rb!
  twitter
  typhoeus
